GEM
  remote: https://rubygems.org/
  specs:
    concurrent-ruby (1.0.2)
    connection_pool (2.2.0)
    rack (2.0.5)
    rack-protection (2.0.1)
      rack
    redis (3.3.1)
    sidekiq (4.2.3)
      concurrent-ruby (~> 1.0)
      connection_pool (~> 2.2, >= 2.2.0)
      rack-protection (>= 1.5.0)
      redis (~> 3.2, >= 3.2.1)
    sidekiq-statistic (1.2.0)
      sidekiq (>= 3.3.4, < 5)
    tilt (2.0.9)

PLATFORMS
  ruby

DEPENDENCIES
  sidekiq
  sidekiq-statistic
  tilt

BUNDLED WITH
   1.17.2
