GIT
  remote: https://github.com/davydovanton/sidekiq-statistic.git
  revision: 0dc52dd7c7a89c53d4a43b308d1599e4e9e089b2
  specs:
    sidekiq-statistic (1.3.0)
      sidekiq (>= 5.0)
      tilt (~> 2.0)

GEM
  remote: https://rubygems.org/
  specs:
    chartkick (3.0.2)
    connection_pool (2.2.2)
    rack (2.0.7)
    rack-protection (2.0.5)
      rack
    redis (4.1.1)
    sidekiq (5.2.7)
      connection_pool (~> 2.2, >= 2.2.2)
      rack (>= 1.5.0)
      rack-protection (>= 1.5.0)
      redis (>= 3.3.5, < 5)
    sidekiq-benchmark (0.6.0)
      chartkick (>= 1.1.1)
      sidekiq (~> 5)
    tilt (2.0.9)

PLATFORMS
  ruby

DEPENDENCIES
  sidekiq
  sidekiq-benchmark
  sidekiq-statistic!
  tilt

BUNDLED WITH
   1.17.2
